GIT
  remote: https://github.com/carrot/middleman-hashicorp
  revision: a1e3615e8f7d1c3c798d1ec7d7040ff1ba565c0f
  specs:
    middleman-hashicorp (0.3.28)
      activesupport (~> 5.0)
      middleman (~> 4.2)
      middleman-dato
      middleman-livereload (~> 3.4)
      middleman-syntax (~> 3.0)
      nokogiri (~> 1.8)
      redcarpet (~> 3.3)

GEM
  remote: https://rubygems.org/
  specs:
    CFPropertyList (3.0.2)
    activesupport (5.0.7.2)
      concurrent-ruby (~> 1.0, >= 1.0.2)
      i18n (>= 0.7, < 2)
      minitest (~> 5.1)
      tzinfo (~> 1.1)
    addressable (2.7.0)
      public_suffix (>= 2.0.2, < 5.0)
    atomos (0.1.3)
    babosa (1.0.3)
    backports (3.15.0)
    builder (3.2.4)
    cacert (0.5.0)
    claide (1.0.3)
    coffee-script (2.4.1)
      coffee-script-source
      execjs
    coffee-script-source (1.12.2)
    colored (1.2)
    colored2 (3.1.2)
    commander-fastlane (4.4.6)
      highline (~> 1.7.2)
    concurrent-ruby (1.1.5)
    contracts (0.13.0)
    dato (0.7.9)
      activesupport (>= 4.2.7)
      addressable
      cacert
      dato_json_schema
      dotenv
      faraday (>= 0.9.0)
      faraday_middleware (>= 0.9.0)
      imgix (>= 0.3.1)
      listen
      mime-types
      pusher-client
      thor
      toml
    dato_json_schema (0.20.8)
    declarative (0.0.10)
    declarative-option (0.1.0)
    digest-crc (0.4.1)
    domain_name (0.5.20190701)
      unf (>= 0.0.5, < 1.0.0)
    dotenv (2.7.5)
    em-websocket (0.5.1)
      eventmachine (>= 0.12.9)
      http_parser.rb (~> 0.6.0)
    emoji_regex (1.0.1)
    erubis (2.7.0)
    eventmachine (1.2.7)
    excon (0.71.0)
    execjs (2.7.0)
    faraday (0.17.1)
      multipart-post (>= 1.2, < 3)
    faraday-cookie_jar (0.0.6)
      faraday (>= 0.7.4)
      http-cookie (~> 1.0.0)
    faraday_middleware (0.13.1)
      faraday (>= 0.7.4, < 1.0)
    fast_blank (1.0.0)
    fastimage (2.1.7)
    fastlane (2.137.0)
      CFPropertyList (>= 2.3, < 4.0.0)
      addressable (>= 2.3, < 3.0.0)
      babosa (>= 1.0.2, < 2.0.0)
      bundler (>= 1.12.0, < 3.0.0)
      colored
      commander-fastlane (>= 4.4.6, < 5.0.0)
      dotenv (>= 2.1.1, < 3.0.0)
      emoji_regex (>= 0.1, < 2.0)
      excon (>= 0.45.0, < 1.0.0)
      faraday (~> 0.17)
      faraday-cookie_jar (~> 0.0.6)
      faraday_middleware (~> 0.13.1)
      fastimage (>= 2.1.0, < 3.0.0)
      gh_inspector (>= 1.1.2, < 2.0.0)
      google-api-client (>= 0.21.2, < 0.24.0)
      google-cloud-storage (>= 1.15.0, < 2.0.0)
      highline (>= 1.7.2, < 2.0.0)
      json (< 3.0.0)
      jwt (~> 2.1.0)
      mini_magick (>= 4.9.4, < 5.0.0)
      multi_xml (~> 0.5)
      multipart-post (~> 2.0.0)
      plist (>= 3.1.0, < 4.0.0)
      public_suffix (~> 2.0.0)
      rubyzip (>= 1.3.0, < 2.0.0)
      security (= 0.1.3)
      simctl (~> 1.6.3)
      slack-notifier (>= 2.0.0, < 3.0.0)
      terminal-notifier (>= 2.0.0, < 3.0.0)
      terminal-table (>= 1.4.5, < 2.0.0)
      tty-screen (>= 0.6.3, < 1.0.0)
      tty-spinner (>= 0.8.0, < 1.0.0)
      word_wrap (~> 1.0.0)
      xcodeproj (>= 1.8.1, < 2.0.0)
      xcpretty (~> 0.3.0)
      xcpretty-travis-formatter (>= 0.0.3)
    ffi (1.11.3)
    gh_inspector (1.1.3)
    google-api-client (0.23.9)
      addressable (~> 2.5, >= 2.5.1)
      googleauth (>= 0.5, < 0.7.0)
      httpclient (>= 2.8.1, < 3.0)
      mime-types (~> 3.0)
      representable (~> 3.0)
      retriable (>= 2.0, < 4.0)
      signet (~> 0.9)
    google-cloud-core (1.4.1)
      google-cloud-env (~> 1.0)
    google-cloud-env (1.3.0)
      faraday (~> 0.11)
    google-cloud-storage (1.16.0)
      digest-crc (~> 0.4)
      google-api-client (~> 0.23)
      google-cloud-core (~> 1.2)
      googleauth (>= 0.6.2, < 0.10.0)
    googleauth (0.6.7)
      faraday (~> 0.12)
      jwt (>= 1.4, < 3.0)
      memoist (~> 0.16)
      multi_json (~> 1.11)
      os (>= 0.9, < 2.0)
      signet (~> 0.7)
    haml (5.1.2)
      temple (>= 0.8.0)
      tilt
    hamster (3.0.0)
      concurrent-ruby (~> 1.0)
    hashie (3.6.0)
    highline (1.7.10)
    http-cookie (1.0.3)
      domain_name (~> 0.5)
    http_parser.rb (0.6.0)
    httpclient (2.8.3)
    i18n (0.9.5)
      concurrent-ruby (~> 1.0)
    imgix (3.2.1)
      addressable
    json (2.3.0)
    jwt (2.1.0)
    kramdown (1.17.0)
    listen (3.0.8)
      rb-fsevent (~> 0.9, >= 0.9.4)
      rb-inotify (~> 0.9, >= 0.9.7)
    memoist (0.16.2)
    middleman (4.3.5)
      coffee-script (~> 2.2)
      haml (>= 4.0.5)
      kramdown (~> 1.2)
      middleman-cli (= 4.3.5)
      middleman-core (= 4.3.5)
    middleman-cli (4.3.5)
      thor (>= 0.17.0, < 2.0)
    middleman-core (4.3.5)
      activesupport (>= 4.2, < 5.1)
      addressable (~> 2.3)
      backports (~> 3.6)
      bundler
      contracts (~> 0.13.0)
      dotenv
      erubis
      execjs (~> 2.0)
      fast_blank
      fastimage (~> 2.0)
      hamster (~> 3.0)
      hashie (~> 3.4)
      i18n (~> 0.9.0)
      listen (~> 3.0.0)
      memoist (~> 0.14)
      padrino-helpers (~> 0.13.0)
      parallel
      rack (>= 1.4.5, < 3)
      sassc (~> 2.0)
      servolux
      tilt (~> 2.0.9)
      uglifier (~> 3.0)
    middleman-dato (0.8.0)
      activesupport
      dato (>= 0.3.2)
      dotenv
      middleman-core (>= 4.1.10)
    middleman-livereload (3.4.6)
      em-websocket (~> 0.5.1)
      middleman-core (>= 3.3)
      rack-livereload (~> 0.3.15)
    middleman-syntax (3.0.0)
      middleman-core (>= 3.2)
      rouge (~> 2.0)
    mime-types (3.3)
      mime-types-data (~> 3.2015)
    mime-types-data (3.2019.1009)
    mini_magick (4.9.5)
    mini_portile2 (2.4.0)
    minitest (5.13.0)
    multi_json (1.14.1)
    multi_xml (0.6.0)
    multipart-post (2.0.0)
    nanaimo (0.2.6)
    naturally (2.2.0)
    nokogiri (1.10.7)
      mini_portile2 (~> 2.4.0)
    os (1.0.1)
    padrino-helpers (0.13.3.4)
      i18n (~> 0.6, >= 0.6.7)
      padrino-support (= 0.13.3.4)
      tilt (>= 1.4.1, < 3)
    padrino-support (0.13.3.4)
      activesupport (>= 3.1)
    parallel (1.19.1)
    parslet (1.8.2)
    plist (3.5.0)
    public_suffix (2.0.5)
    pusher-client (0.6.2)
      json
      websocket (~> 1.0)
    rack (2.0.7)
    rack-livereload (0.3.17)
      rack
    rb-fsevent (0.10.3)
    rb-inotify (0.10.0)
      ffi (~> 1.0)
    redcarpet (3.5.0)
    representable (3.0.4)
      declarative (< 0.1.0)
      declarative-option (< 0.2.0)
      uber (< 0.2.0)
    retriable (3.1.2)
    rouge (2.0.7)
    rubyzip (1.3.0)
    sassc (2.2.1)
      ffi (~> 1.9)
    security (0.1.3)
    servolux (0.13.0)
    signet (0.12.0)
      addressable (~> 2.3)
      faraday (~> 0.9)
      jwt (>= 1.5, < 3.0)
      multi_json (~> 1.10)
    simctl (1.6.6)
      CFPropertyList
      naturally
    slack-notifier (2.3.2)
    temple (0.8.2)
    terminal-notifier (2.0.0)
    terminal-table (1.8.0)
      unicode-display_width (~> 1.1, >= 1.1.1)
    thor (1.0.1)
    thread_safe (0.3.6)
    tilt (2.0.10)
    toml (0.2.0)
      parslet (~> 1.8.0)
    tty-cursor (0.7.0)
    tty-screen (0.7.0)
    tty-spinner (0.9.2)
      tty-cursor (~> 0.7)
    tzinfo (1.2.5)
      thread_safe (~> 0.1)
    uber (0.1.0)
    uglifier (3.2.0)
      execjs (>= 0.3.0, < 3)
    unf (0.1.4)
      unf_ext
    unf_ext (0.0.7.6)
    unicode-display_width (1.6.0)
    websocket (1.2.8)
    word_wrap (1.0.0)
    xcodeproj (1.14.0)
      CFPropertyList (>= 2.3.3, < 4.0)
      atomos (~> 0.1.3)
      claide (>= 1.0.2, < 2.0)
      colored2 (~> 3.1)
      nanaimo (~> 0.2.6)
    xcpretty (0.3.0)
      rouge (~> 2.0.7)
    xcpretty-travis-formatter (1.0.0)
      xcpretty (~> 0.2, >= 0.0.7)

PLATFORMS
  ruby

DEPENDENCIES
  builder
  fastlane (~> 2.137.0)
  middleman (~> 4.2)
  middleman-dato
  middleman-hashicorp!
  tzinfo-data
  wdm (~> 0.1)

BUNDLED WITH
   2.1.0
